{
    "Modality": "MR",
    "MagneticFieldStrength": 3.0,
    "ImagingFrequency": 123.252124,
    "Manufacturer": "Siemens",
    "ManufacturersModelName": "MAGNETOM Vida",
    "InstitutionName": "SUN YAT-SEN Memorial Hospital SYSU",
    "InstitutionAddress": " ,Guangzhou,Haizhu,CN,",
    "DeviceSerialNumber": "176209",
    "StationName": "AWP176209",
    "BodyPart": "BRAIN",
    "PatientPosition": "HFS",
    "ProcedureStepDescription": "Head Brain",
    "SoftwareVersions": "syngo MR XA20",
    "MRAcquisitionType": "2D",
    "StudyDescription": "Head Brain",
    "SeriesDescription": "ep2d_pace_moco_p2_2mm",
    "ProtocolName": "ep2d_pace_moco_p2_2mm",
    "ScanningSequence": "EP",
    "SequenceVariant": "SK",
    "ScanOptions": "FS",
    "PulseSequenceName": "*epfid2d1_64",
    "ImageType": [
        "ORIGINAL",
        "PRIMARY",
        "FMRI",
        "NONE",
        "MAGNITUDE"
    ],
    "ImageTypeText": [
        "ORIGINAL",
        "PRIMARY",
        "FMRI",
        "NONE",
        "DIS2D"
    ],
    "NonlinearGradientCorrection": true,
    "SeriesNumber": 16.0,
    "AcquisitionTime": "15:29:24.080",
    "AcquisitionNumber": 1.0,
    "SliceThickness": 3.5,
    "SpacingBetweenSlices": 3.5,
    "TablePosition": [
        0.0,
        0.0,
        0.0
    ],
    "EchoTime": 0.03,
    "RepetitionTime": 2.0,
    "MTState": false,
    "FlipAngle": 90.0,
    "PartialFourier": 1.0,
    "Interpolation2D": 1.0,
    "BaseResolution": 64.0,
    "ShimSetting": [
        -6271.0,
        -6250.0,
        9368.0,
        452.0,
        -48.0,
        -613.0,
        330.0,
        65.0
    ],
    "TxRefAmp": 385.982,
    "PhaseResolution": 1.0,
    "VendorReportedEchoSpacing": 0.00054,
    "ReceiveCoilName": "HeadNeck_20_TCS",
    "ReceiveCoilActiveElements": "HE1-4",
    "CoilString": "HeadNeck_20_TCS",
    "PulseSequenceDetails": "%SiemensSeq%\\ep2d_pace",
    "RefLinesPE": 24.0,
    "CoilCombinationMethod": "Sum of Squares",
    "ConsistencyInfo": "62010002",
    "MatrixCoilMode": "GRAPPA",
    "PercentPhaseFOV": 100.0,
    "PercentSampling": 100.0,
    "EchoTrainLength": 31.0,
    "PhaseEncodingSteps": 64.0,
    "FrequencyEncodingSteps": 64.0,
    "AcquisitionMatrixPE": 64.0,
    "ReconMatrixPE": 128.0,
    "BandwidthPerPixelPhaseEncode": 28.935,
    "ParallelReductionFactorInPlane": 2.0,
    "ParallelAcquisitionTechnique": "GRAPPA",
    "EffectiveEchoSpacing": 0.000270002,
    "DerivedVendorReportedEchoSpacing": 0.0005400030000000001,
    "AcquisitionDuration": 489.927,
    "TotalReadoutTime": 0.0342902,
    "PixelBandwidth": 2298.0,
    "DwellTime": 0.0000034,
    "PhaseEncodingDirection": "j-",
    "SliceTiming": [
        0.0,
        1.015,
        0.0524998,
        1.07,
        0.105,
        1.1225,
        0.16,
        1.1775,
        0.2125,
        1.23,
        0.2675,
        1.2825,
        0.32,
        1.3375,
        0.3725,
        1.39,
        0.4275,
        1.445,
        0.48,
        1.4975,
        0.535,
        1.55,
        0.5875,
        1.605,
        0.64,
        1.6575,
        0.695,
        1.7125,
        0.7475,
        1.765,
        0.8025,
        1.8175,
        0.855,
        1.8725,
        0.9075,
        1.925,
        0.9625
    ],
    "ImageOrientationPatientDICOM": [
        0.995638,
        -0.0671378,
        -0.0647866,
        0.0663047,
        0.997688,
        -0.0149278
    ],
    "InPlanePhaseEncodingDirectionDICOM": "COL",
    "BidsGuess": [
        "func",
        "_acq-epfid2p2_dir-AP_run-16_bold"
    ],
    "ConversionSoftware": "dcm2niix",
    "ConversionSoftwareVersion": "v1.0.20250505",
    "TaskName": "rest"
}