{
	"Modality": "MR",
	"MagneticFieldStrength": 3,
	"ImagingFrequency": 123.252117,
	"Manufacturer": "Siemens",
	"ManufacturersModelName": "MAGNETOM Vida",
	"InstitutionName": "SUN YAT-SEN Memorial Hospital SYSU",
	"InstitutionAddress": " ,Guangzhou,Haizhu,CN,",
	"DeviceSerialNumber": "176209",
	"StationName": "AWP176209",
	"BodyPart": "BRAIN",
	"PatientPosition": "HFS",
	"ProcedureStepDescription": "Head Brain",
	"SoftwareVersions": "syngo MR XA20",
	"MRAcquisitionType": "3D",
	"StudyDescription": "Head Brain",
	"SeriesDescription": "T1W_Mprage_3D_SAG",
	"ProtocolName": "T1W_Mprage_3D_SAG",
	"ScanningSequence": "GR\\IR",
	"SequenceVariant": "SK\\SP\\MP\\OSP",
	"ScanOptions": "IR\\PFP",
	"PulseSequenceName": "*tfl3d1_16ns",
	"ImageType": ["ORIGINAL", "PRIMARY", "M", "NONE", "MAGNITUDE"],
	"ImageTypeText": ["ORIGINAL", "PRIMARY", "M", "NORM", "DIS2D", "SH4", "2", "FIL"],
	"NonlinearGradientCorrection": true,
	"SeriesNumber": 7,
	"AcquisitionTime": "15:19:53.460000",
	"AcquisitionNumber": 1,
	"SliceThickness": 1,
	"TablePosition": [
		0,
		0,
		-0	],
	"EchoTime": 0.00487,
	"RepetitionTime": 1.8,
	"MTState": false,
	"InversionTime": 0.9,
	"FlipAngle": 12,
	"PartialFourier": 0.75,
	"Interpolation2D": 1,
	"BaseResolution": 320,
	"ShimSetting": [
		-6273,
		-6235,
		9308,
		350,
		-2,
		-1148,
		181,
		95	],
	"TxRefAmp": 385.982,
	"PhaseResolution": 0.9,
	"ReceiveCoilName": "HeadNeck_20_TCS",
	"ReceiveCoilActiveElements": "HE1-4;NE2",
	"CoilString": "HeadNeck_20_TCS",
	"PulseSequenceDetails": "%SiemensSeq%\\tfl",
	"RefLinesPE": 24,
	"CoilCombinationMethod": "Adaptive Combine",
	"ConsistencyInfo": "62010002",
	"MatrixCoilMode": "GRAPPA",
	"PercentPhaseFOV": 91.875,
	"PercentSampling": 90,
	"PartialFourierDirection": "COMBINATION",
	"PhaseEncodingSteps": 265,
	"FrequencyEncodingSteps": 320,
	"PhaseEncodingStepsOutOfPlane": 118,
	"AcquisitionMatrixPE": 265,
	"ReconMatrixPE": 588,
	"ParallelReductionFactorInPlane": 2,
	"ParallelAcquisitionTechnique": "GRAPPA",
	"AcquisitionDuration": 201.132,
	"PixelBandwidth": 130,
	"DwellTime": 1.2e-05,
	"ImageOrientationPatientDICOM": [
		0.0710468,
		0.995286,
		0.0660128,
		-0.0331273,
		0.0684979,
		-0.997101	],
	"InPlanePhaseEncodingDirectionDICOM": "ROW",
	"BidsGuess": ["anat","_acq-tfl3p2_run-7_T1w"],
	"ConversionSoftware": "dcm2niix",
	"ConversionSoftwareVersion": "v1.0.20250505"
}
